{
    "Modality": "MR",
    "MagneticFieldStrength": 3,
    "ImagingFrequency": 123.22,
    "Manufacturer": "Siemens",
    "ManufacturersModelName": "Skyra",
    "InstitutionName": "KFU",
    "InstitutionalDepartmentName": "Department",
    "InstitutionAddress": "Kopernikusstr. 26,Graz,Graz,AT,8010",
    "DeviceSerialNumber": "45250",
    "StationName": "FBMTMR1",
    "BodyPartExamined": "BRAIN",
    "PatientPosition": "HFS",
    "ProcedureStepDescription": "KFU^AllgemeinePsy",
    "SoftwareVersions": "syngo MR E11",
    "MRAcquisitionType": "2D",
    "SeriesDescription": "MB4_2_5mm_20K_TR1250_1",
    "ProtocolName": "MB4_2_5mm_20K_TR1250_1",
    "ScanningSequence": "EP",
    "SequenceVariant": "SK\\SS",
    "ScanOptions": "FS",
    "SequenceName": "epfid2d1_96",
    "ImageType": [
        "ORIGINAL",
        "PRIMARY",
        "M",
        "MB",
        "ND",
        "NORM",
        "MOSAIC"
    ],
    "SeriesNumber": 5,
    "AcquisitionTime": "11:08:34.217500",
    "AcquisitionNumber": 1,
    "ImageComments": "Unaliased MB4/PE3",
    "SliceThickness": 2.5,
    "SpacingBetweenSlices": 2.75,
    "SAR": 0.0768936,
    "EchoTime": 0.04,
    "RepetitionTime": 1.25,
    "FlipAngle": 60,
    "PartialFourier": 1,
    "BaseResolution": 96,
    "ShimSetting": [
        -1645,
        -3562,
        -4397,
        194,
        543,
        190,
        96,
        -426
    ],
    "TxRefAmp": 392.856,
    "PhaseResolution": 1,
    "ReceiveCoilName": "HeadNeck_20",
    "ReceiveCoilActiveElements": "HE1-4",
    "PulseSequenceDetails": "%CustomerSeq%\\cmrr_mbep2d_bold",
    "WipMemBlock": "3b6258bd-51cb-4468-a72f-41712e8b19fd||Sequence: ve11c/master r/b8bea8f; Mar  2 2017 16:56:44 by eja",
    "ConsistencyInfo": "N4_VE11C_LATEST_20160120",
    "MultibandAccelerationFactor": 4,
    "PercentPhaseFOV": 100,
    "PercentSampling": 100,
    "EchoTrainLength": 96,
    "PhaseEncodingSteps": 96,
    "AcquisitionMatrixPE": 96,
    "ReconMatrixPE": 96,
    "BandwidthPerPixelPhaseEncode": 15.783,
    "EffectiveEchoSpacing": 0.000659993,
    "DerivedVendorReportedEchoSpacing": 0.000659993,
    "TotalReadoutTime": 0.0626993,
    "PixelBandwidth": 2480,
    "DwellTime": 2.1e-06,
    "PhaseEncodingDirection": "j-",
    "SliceTiming": [
        0,
        0.6625,
        0.095,
        0.7575,
        0.1875,
        0.85,
        0.2825,
        0.945,
        0.3775,
        1.04,
        0.4725,
        1.135,
        0.5675,
        0,
        0.6625,
        0.095,
        0.7575,
        0.1875,
        0.85,
        0.2825,
        0.945,
        0.3775,
        1.04,
        0.4725,
        1.135,
        0.5675,
        0,
        0.6625,
        0.095,
        0.7575,
        0.1875,
        0.85,
        0.2825,
        0.945,
        0.3775,
        1.04,
        0.4725,
        1.135,
        0.5675,
        0,
        0.6625,
        0.095,
        0.7575,
        0.1875,
        0.85,
        0.2825,
        0.945,
        0.3775,
        1.04,
        0.4725,
        1.135,
        0.5675
    ],
    "ImageOrientationPatientDICOM": [
        0.999868,
        -0.015789,
        0.00376147,
        0.0162309,
        0.972648,
        -0.231717
    ],
    "InPlanePhaseEncodingDirectionDICOM": "COL",
    "ConversionSoftware": "dcm2niix",
    "ConversionSoftwareVersion": "v1.0.20201102",
    "TaskName": "eye"
}