{
    "Modality": "MR",
    "MagneticFieldStrength": 3,
    "ImagingFrequency": 123.22,
    "Manufacturer": "Siemens",
    "ManufacturersModelName": "Skyra",
    "InstitutionName": "KFU",
    "InstitutionalDepartmentName": "Department",
    "InstitutionAddress": "Kopernikusstr. 26,Graz,Graz,AT,8010",
    "DeviceSerialNumber": "45250",
    "StationName": "FBMTMR1",
    "BodyPartExamined": "BRAIN",
    "PatientPosition": "HFS",
    "ProcedureStepDescription": "KFU^AllgemeinePsy",
    "SoftwareVersions": "syngo MR E11",
    "MRAcquisitionType": "2D",
    "SeriesDescription": "gre_field_mapping",
    "ProtocolName": "gre_field_mapping",
    "ScanningSequence": "GR",
    "SequenceVariant": "SP",
    "SequenceName": "*fm2d2r",
    "ImageType": [
        "ORIGINAL",
        "PRIMARY",
        "M",
        "ND",
        "NORM"
    ],
    "SeriesNumber": 3,
    "AcquisitionTime": "12:24:54.297500",
    "AcquisitionNumber": 1,
    "SliceThickness": 2.5,
    "SpacingBetweenSlices": 2.75,
    "SAR": 0.183918,
    "EchoTime": 0.00492,
    "RepetitionTime": 0.551,
    "FlipAngle": 60,
    "PartialFourier": 1,
    "BaseResolution": 96,
    "ShimSetting": [
        -1641,
        -3657,
        -4480,
        642,
        576,
        51,
        -58,
        -345
    ],
    "TxRefAmp": 362.475,
    "PhaseResolution": 1,
    "ReceiveCoilName": "HeadNeck_20",
    "ReceiveCoilActiveElements": "HE1-4",
    "PulseSequenceDetails": "%SiemensSeq%\\gre_field_mapping",
    "ConsistencyInfo": "N4_VE11C_LATEST_20160120",
    "PercentPhaseFOV": 100,
    "PercentSampling": 100,
    "PhaseEncodingSteps": 96,
    "AcquisitionMatrixPE": 96,
    "ReconMatrixPE": 96,
    "PixelBandwidth": 390,
    "DwellTime": 1.34e-05,
    "PhaseEncodingDirection": "j-",
    "SliceTiming": [
        0.27344,
        0,
        0.28125,
        0.00781,
        0.29688,
        0.02344,
        0.30469,
        0.03125,
        0.32031,
        0.03906,
        0.32812,
        0.05469,
        0.33594,
        0.0625,
        0.35156,
        0.07031,
        0.35938,
        0.08594,
        0.36719,
        0.09375,
        0.38281,
        0.10156,
        0.39062,
        0.11719,
        0.39844,
        0.125,
        0.41406,
        0.13281,
        0.42188,
        0.14844,
        0.4375,
        0.15625,
        0.44531,
        0.17188,
        0.45312,
        0.17969,
        0.46094,
        0.1875,
        0.47656,
        0.20312,
        0.48438,
        0.21094,
        0.5,
        0.21875,
        0.50781,
        0.23438,
        0.51562,
        0.24219,
        0.53125,
        0.25781,
        0.53906,
        0.26562
    ],
    "ImageOrientationPatientDICOM": [
        0.999433,
        -0.019179,
        -0.0276796,
        0.0162238,
        0.994518,
        -0.1033
    ],
    "InPlanePhaseEncodingDirectionDICOM": "COL",
    "ConversionSoftware": "dcm2niix",
    "ConversionSoftwareVersion": "v1.0.20201102",
    "IntendedFor": [
        "ses-1/func/sub-10_ses-1_task-eye_acq-mb_run-1_bold.nii.gz",
        "ses-1/func/sub-10_ses-1_task-eye_acq-mb_run-2_bold.nii.gz",
        "ses-1/func/sub-10_ses-1_task-eye_acq-mb_run-3_bold.nii.gz",
        "ses-1/func/sub-10_ses-1_task-eye_acq-mb_run-4_bold.nii.gz",
        "ses-1/func/sub-10_ses-1_task-eye_acq-mb_run-5_bold.nii.gz",
        "ses-1/func/sub-10_ses-1_task-eye_acq-mb_run-6_bold.nii.gz"
    ]
}