{
    "Modality": "MR",
    "MagneticFieldStrength": 3,
    "ImagingFrequency": 123.22,
    "Manufacturer": "Siemens",
    "ManufacturersModelName": "Skyra",
    "InstitutionName": "KFU",
    "InstitutionalDepartmentName": "Department",
    "InstitutionAddress": "Kopernikusstr. 26,Graz,Graz,AT,8010",
    "DeviceSerialNumber": "45250",
    "StationName": "FBMTMR1",
    "BodyPartExamined": "BRAIN",
    "PatientPosition": "HFS",
    "ProcedureStepDescription": "KFU^AllgemeinePsy",
    "SoftwareVersions": "syngo MR E11",
    "MRAcquisitionType": "2D",
    "SeriesDescription": "MB4_2_5mm_20K_TR1250_INV",
    "ProtocolName": "MB4_2_5mm_20K_TR1250_INV",
    "ScanningSequence": "EP",
    "SequenceVariant": "SK\\SS",
    "ScanOptions": "FS",
    "SequenceName": "epfid2d1_96",
    "ImageType": [
        "ORIGINAL",
        "PRIMARY",
        "M",
        "MB",
        "ND",
        "NORM",
        "MOSAIC"
    ],
    "SeriesNumber": 11,
    "AcquisitionTime": "09:55:39.782500",
    "AcquisitionNumber": 1,
    "ImageComments": "Unaliased MB4/PE3",
    "SliceThickness": 2.5,
    "SpacingBetweenSlices": 2.75,
    "SAR": 0.0741407,
    "EchoTime": 0.04,
    "RepetitionTime": 1.25,
    "FlipAngle": 60,
    "PartialFourier": 1,
    "BaseResolution": 96,
    "ShimSetting": [
        -1624,
        -3592,
        -4469,
        357,
        619,
        50,
        -161,
        -503
    ],
    "TxRefAmp": 365.917,
    "PhaseResolution": 1,
    "ReceiveCoilName": "HeadNeck_20",
    "ReceiveCoilActiveElements": "HE1-4",
    "PulseSequenceDetails": "%CustomerSeq%\\cmrr_mbep2d_bold",
    "WipMemBlock": "5a42c0e8-464b-454e-a3ed-71e6b58ecf1a||Sequence: ve11c/master r/068cfa9; Jul 21 2016 14:39:26 by eja",
    "ConsistencyInfo": "N4_VE11C_LATEST_20160120",
    "MultibandAccelerationFactor": 4,
    "PercentPhaseFOV": 100,
    "PercentSampling": 100,
    "EchoTrainLength": 96,
    "PhaseEncodingSteps": 96,
    "AcquisitionMatrixPE": 96,
    "ReconMatrixPE": 96,
    "BandwidthPerPixelPhaseEncode": 15.783,
    "EffectiveEchoSpacing": 0.000659993,
    "DerivedVendorReportedEchoSpacing": 0.000659993,
    "TotalReadoutTime": 0.0626993,
    "PixelBandwidth": 2480,
    "DwellTime": 2.1e-06,
    "PhaseEncodingDirection": "j",
    "SliceTiming": [
        0,
        0.6625,
        0.095,
        0.7575,
        0.19,
        0.8525,
        0.285,
        0.9475,
        0.38,
        1.04,
        0.4725,
        1.135,
        0.5675,
        0,
        0.6625,
        0.095,
        0.7575,
        0.19,
        0.8525,
        0.285,
        0.9475,
        0.38,
        1.04,
        0.4725,
        1.135,
        0.5675,
        0,
        0.6625,
        0.095,
        0.7575,
        0.19,
        0.8525,
        0.285,
        0.9475,
        0.38,
        1.04,
        0.4725,
        1.135,
        0.5675,
        0,
        0.6625,
        0.095,
        0.7575,
        0.19,
        0.8525,
        0.285,
        0.9475,
        0.38,
        1.04,
        0.4725,
        1.135,
        0.5675
    ],
    "ImageOrientationPatientDICOM": [
        0.999868,
        -0.0160845,
        0.00217471,
        0.0162309,
        0.990853,
        -0.133969
    ],
    "InPlanePhaseEncodingDirectionDICOM": "COL",
    "ConversionSoftware": "dcm2niix",
    "ConversionSoftwareVersion": "v1.0.20201102",
    "IntendedFor": [
        "ses-1/func/sub-04_ses-1_task-eye_acq-mb_run-1_bold.nii.gz",
        "ses-1/func/sub-04_ses-1_task-eye_acq-mb_run-2_bold.nii.gz",
        "ses-1/func/sub-04_ses-1_task-eye_acq-mb_run-3_bold.nii.gz",
        "ses-1/func/sub-04_ses-1_task-eye_acq-mb_run-4_bold.nii.gz",
        "ses-1/func/sub-04_ses-1_task-eye_acq-mb_run-5_bold.nii.gz",
        "ses-1/func/sub-04_ses-1_task-eye_acq-mb_run-6_bold.nii.gz"
    ]
}