{
    "Modality": "MR",
    "MagneticFieldStrength": 3,
    "ImagingFrequency": 123.22,
    "Manufacturer": "Siemens",
    "ManufacturersModelName": "Skyra",
    "InstitutionName": "KFU",
    "InstitutionalDepartmentName": "Department",
    "InstitutionAddress": "Kopernikusstr. 26,Graz,Graz,AT,8010",
    "DeviceSerialNumber": "45250",
    "StationName": "FBMTMR1",
    "BodyPartExamined": "BRAIN",
    "PatientPosition": "HFS",
    "ProcedureStepDescription": "KFU^AllgemeinePsy",
    "SoftwareVersions": "syngo MR E11",
    "MRAcquisitionType": "2D",
    "SeriesDescription": "gre_field_mapping",
    "ProtocolName": "gre_field_mapping",
    "ScanningSequence": "GR",
    "SequenceVariant": "SP",
    "SequenceName": "*fm2d2r",
    "ImageType": [
        "ORIGINAL",
        "PRIMARY",
        "M",
        "ND",
        "NORM"
    ],
    "SeriesNumber": 3,
    "AcquisitionTime": "08:49:40.057500",
    "AcquisitionNumber": 1,
    "SliceThickness": 2.5,
    "SpacingBetweenSlices": 2.75,
    "SAR": 0.189532,
    "EchoTime": 0.00492,
    "RepetitionTime": 0.551,
    "FlipAngle": 60,
    "PartialFourier": 1,
    "BaseResolution": 96,
    "ShimSetting": [
        -1677,
        -3729,
        -4434,
        542,
        516,
        -48,
        614,
        -232
    ],
    "TxRefAmp": 349.247,
    "PhaseResolution": 1,
    "ReceiveCoilName": "HeadNeck_20",
    "ReceiveCoilActiveElements": "HE1-4",
    "PulseSequenceDetails": "%SiemensSeq%\\gre_field_mapping",
    "ConsistencyInfo": "N4_VE11C_LATEST_20160120",
    "PercentPhaseFOV": 100,
    "PercentSampling": 100,
    "PhaseEncodingSteps": 96,
    "AcquisitionMatrixPE": 96,
    "ReconMatrixPE": 96,
    "PixelBandwidth": 390,
    "DwellTime": 1.34e-05,
    "PhaseEncodingDirection": "j-",
    "SliceTiming": [
        0.27344,
        0,
        0.28906,
        0.01562,
        0.29688,
        0.02344,
        0.3125,
        0.03125,
        0.32031,
        0.04688,
        0.32812,
        0.05469,
        0.34375,
        0.0625,
        0.35156,
        0.07812,
        0.35938,
        0.08594,
        0.375,
        0.09375,
        0.38281,
        0.10938,
        0.39062,
        0.11719,
        0.40625,
        0.125,
        0.41406,
        0.14062,
        0.42969,
        0.14844,
        0.4375,
        0.16406,
        0.44531,
        0.17188,
        0.45312,
        0.17969,
        0.46875,
        0.19531,
        0.47656,
        0.20312,
        0.49219,
        0.21094,
        0.5,
        0.22656,
        0.50781,
        0.23438,
        0.52344,
        0.25,
        0.53125,
        0.25781,
        0.53906,
        0.26562
    ],
    "ImageOrientationPatientDICOM": [
        0.996942,
        -0.0225887,
        -0.0748081,
        0.0161833,
        0.996237,
        -0.0851489
    ],
    "InPlanePhaseEncodingDirectionDICOM": "COL",
    "ConversionSoftware": "dcm2niix",
    "ConversionSoftwareVersion": "v1.0.20201102",
    "IntendedFor": [
        "ses-1/func/sub-02_ses-1_task-eye_acq-mb_run-1_bold.nii.gz",
        "ses-1/func/sub-02_ses-1_task-eye_acq-mb_run-2_bold.nii.gz",
        "ses-1/func/sub-02_ses-1_task-eye_acq-mb_run-3_bold.nii.gz",
        "ses-1/func/sub-02_ses-1_task-eye_acq-mb_run-4_bold.nii.gz",
        "ses-1/func/sub-02_ses-1_task-eye_acq-mb_run-5_bold.nii.gz",
        "ses-1/func/sub-02_ses-1_task-eye_acq-mb_run-6_bold.nii.gz"
    ]
}