{
    "Modality": "MR",
    "MagneticFieldStrength": 3,
    "ImagingFrequency": 123.22,
    "Manufacturer": "Siemens",
    "ManufacturersModelName": "Skyra",
    "InstitutionName": "KFU",
    "InstitutionalDepartmentName": "Department",
    "InstitutionAddress": "Kopernikusstr. 26,Graz,Graz,AT,8010",
    "DeviceSerialNumber": "45250",
    "StationName": "FBMTMR1",
    "BodyPartExamined": "HEAD",
    "PatientPosition": "HFS",
    "ProcedureStepDescription": "KFU^AllgemeinePsy",
    "SoftwareVersions": "syngo MR E11",
    "MRAcquisitionType": "2D",
    "SeriesDescription": "gre_field_mapping",
    "ProtocolName": "gre_field_mapping",
    "ScanningSequence": "GR",
    "SequenceVariant": "SP",
    "SequenceName": "*fm2d2r",
    "ImageType": [
        "ORIGINAL",
        "PRIMARY",
        "P",
        "ND",
        "PHASE"
    ],
    "SeriesNumber": 4,
    "AcquisitionTime": "10:15:46.870000",
    "AcquisitionNumber": 1,
    "SliceThickness": 2.5,
    "SpacingBetweenSlices": 2.75,
    "SAR": 0.164753,
    "EchoNumber": 2,
    "EchoTime": 0.00738,
    "RepetitionTime": 0.551,
    "FlipAngle": 60,
    "EchoTime1": 0.00492,
    "EchoTime2": 0.00738,
    "PartialFourier": 1,
    "BaseResolution": 96,
    "ShimSetting": [
        -1632,
        -3577,
        -4474,
        421,
        702,
        43,
        -205,
        -606
    ],
    "TxRefAmp": 353.077,
    "PhaseResolution": 1,
    "ReceiveCoilName": "HeadNeck_20",
    "ReceiveCoilActiveElements": "HE1-4;NE1,2",
    "PulseSequenceDetails": "%SiemensSeq%\\gre_field_mapping",
    "ConsistencyInfo": "N4_VE11C_LATEST_20160120",
    "PercentPhaseFOV": 100,
    "PercentSampling": 100,
    "PhaseEncodingSteps": 96,
    "AcquisitionMatrixPE": 96,
    "ReconMatrixPE": 96,
    "PixelBandwidth": 390,
    "DwellTime": 1.34e-05,
    "PhaseEncodingDirection": "j-",
    "SliceTiming": [
        0.27344,
        0,
        0.28906,
        0.00781,
        0.29688,
        0.02344,
        0.30469,
        0.03125,
        0.32031,
        0.04688,
        0.32812,
        0.05469,
        0.33594,
        0.0625,
        0.35156,
        0.07031,
        0.35938,
        0.08594,
        0.375,
        0.09375,
        0.38281,
        0.10938,
        0.39062,
        0.11719,
        0.40625,
        0.125,
        0.41406,
        0.14062,
        0.42188,
        0.14844,
        0.4375,
        0.15625,
        0.44531,
        0.17188,
        0.45312,
        0.17969,
        0.46875,
        0.1875,
        0.47656,
        0.20312,
        0.48438,
        0.21094,
        0.5,
        0.22656,
        0.50781,
        0.23438,
        0.51562,
        0.24219,
        0.53125,
        0.25,
        0.53906,
        0.26562
    ],
    "ImageOrientationPatientDICOM": [
        0.999986,
        -0.00505038,
        0.00138163,
        0.00523596,
        0.964544,
        -0.263869
    ],
    "InPlanePhaseEncodingDirectionDICOM": "COL",
    "ConversionSoftware": "dcm2niix",
    "ConversionSoftwareVersion": "v1.0.20201102",
    "IntendedFor": [
        "ses-1/func/sub-12_ses-1_task-eye_acq-mb_run-1_bold.nii.gz",
        "ses-1/func/sub-12_ses-1_task-eye_acq-mb_run-2_bold.nii.gz",
        "ses-1/func/sub-12_ses-1_task-eye_acq-mb_run-3_bold.nii.gz",
        "ses-1/func/sub-12_ses-1_task-eye_acq-mb_run-4_bold.nii.gz",
        "ses-1/func/sub-12_ses-1_task-eye_acq-mb_run-5_bold.nii.gz",
        "ses-1/func/sub-12_ses-1_task-eye_acq-mb_run-6_bold.nii.gz"
    ]
}